PATH
  remote: .
  specs:
    exchange_rates_ni (0.0.2)
      json (~> 2.0, >= 2.1.0)
      rest-client (~> 2.0, >= 2.0.1)
      savon (~> 2.11, >= 2.11.1)

GEM
  remote: https://rubygems.org/
  specs:
    akami (1.3.1)
      gyoku (>= 0.4.0)
      nokogiri
    builder (3.2.3)
    domain_name (0.5.20170404)
      unf (>= 0.0.5, < 1.0.0)
    gyoku (1.3.1)
      builder (>= 2.1.2)
    http-cookie (1.0.3)
      domain_name (~> 0.5)
    httpi (2.4.2)
      rack
      socksify
    json (2.1.0)
    mime-types (3.1)
      mime-types-data (~> 3.2015)
    mime-types-data (3.2016.0521)
    mini_portile2 (2.1.0)
    netrc (0.11.0)
    nokogiri (1.7.2)
      mini_portile2 (~> 2.1.0)
    nori (2.6.0)
    rack (2.0.3)
    rest-client (2.0.2)
      http-cookie (>= 1.0.2, < 2.0)
      mime-types (>= 1.16, < 4.0)
      netrc (~> 0.8)
    savon (2.11.1)
      akami (~> 1.2)
      builder (>= 2.1.2)
      gyoku (~> 1.2)
      httpi (~> 2.3)
      nokogiri (>= 1.4.0)
      nori (~> 2.4)
      wasabi (~> 3.4)
    socksify (1.7.1)
    unf (0.1.4)
      unf_ext
    unf_ext (0.0.7.4)
    wasabi (3.5.0)
      httpi (~> 2.0)
      nokogiri (>= 1.4.2)

PLATFORMS
  ruby

DEPENDENCIES
  exchange_rates_ni!

BUNDLED WITH
   1.14.6
